PATH
  remote: .
  specs:
    hamlish-liquid (0.0.1.alpha)
      parslet

GEM
  remote: https://rubygems.org/
  specs:
    binding_of_caller (0.7.2)
      debug_inspector (>= 0.0.1)
    blankslate (3.1.3)
    byebug (8.2.2)
    coderay (1.1.0)
    debug_inspector (0.0.2)
    interception (0.5)
    method_source (0.8.2)
    minitest (5.4.3)
    parslet (1.7.1)
      blankslate (>= 2.0, <= 4.0)
    pry (0.10.3)
      coderay (~> 1.1.0)
      method_source (~> 0.8.1)
      slop (~> 3.4)
    pry-byebug (3.3.0)
      byebug (~> 8.0)
      pry (~> 0.10)
    pry-rescue (1.4.2)
      interception (>= 0.5)
      pry
    pry-stack_explorer (0.4.9.2)
      binding_of_caller (>= 0.7)
      pry (>= 0.9.11)
    rake (10.4.2)
    slop (3.6.0)

PLATFORMS
  ruby

DEPENDENCIES
  hamlish-liquid!
  minitest
  pry
  pry-byebug
  pry-rescue
  pry-stack_explorer
  rake

BUNDLED WITH
   1.11.2
