PATH
  remote: .
  specs:
    hamlish-liquid (0.0.1.alpha)

GEM
  remote: https://rubygems.org/
  specs:
    ast (2.2.0)
    binding_of_caller (0.7.2)
      debug_inspector (>= 0.0.1)
    byebug (8.2.2)
    coderay (1.1.0)
    debug_inspector (0.0.2)
    method_source (0.8.2)
    minitest (5.4.3)
    parser (2.3.0.3)
      ast (~> 2.2)
    powerpack (0.1.1)
    pry (0.10.3)
      coderay (~> 1.1.0)
      method_source (~> 0.8.1)
      slop (~> 3.4)
    pry-byebug (3.3.0)
      byebug (~> 8.0)
      pry (~> 0.10)
    pry-stack_explorer (0.4.9.2)
      binding_of_caller (>= 0.7)
      pry (>= 0.9.11)
    rainbow (2.1.0)
    rake (10.4.2)
    rubocop (0.37.0)
      parser (>= 2.3.0.2, < 3.0)
      powerpack (~> 0.1)
      rainbow (>= 1.99.1, < 3.0)
      ruby-progressbar (~> 1.7)
      unicode-display_width (~> 0.3)
    ruby-progressbar (1.7.5)
    slop (3.6.0)
    unicode-display_width (0.3.1)

PLATFORMS
  ruby

DEPENDENCIES
  hamlish-liquid!
  minitest
  pry
  pry-byebug
  pry-stack_explorer
  rake
  rubocop (~> 0.37.0)

BUNDLED WITH
   1.11.2
